PATH
  remote: .
  specs:
    ractive_assets (0.0.10)
      execjs (>= 2.0.2)
      multi_json
      sprockets (>= 2.10.0)
      tilt

GEM
  remote: https://rubygems.org/
  specs:
    columnize (0.8.9)
    debugger (1.6.6)
      columnize (>= 0.3.1)
      debugger-linecache (~> 1.2.0)
      debugger-ruby_core_source (~> 1.3.2)
    debugger-linecache (1.2.0)
    debugger-ruby_core_source (1.3.5)
    execjs (2.0.2)
    haml (4.0.5)
      tilt
    hike (1.2.3)
    json (1.7.7)
    multi_json (1.10.1)
    rack (1.5.2)
    rake (10.3.2)
    slim (2.0.2)
      temple (~> 0.6.6)
      tilt (>= 1.3.3, < 2.1)
    sprockets (2.12.1)
      hike (~> 1.2)
      multi_json (~> 1.0)
      rack (~> 1.0)
      tilt (~> 1.1, != 1.3.0)
    temple (0.6.7)
    tilt (1.4.1)

PLATFORMS
  ruby

DEPENDENCIES
  debugger
  haml
  json (~> 1.7.7)
  ractive_assets!
  rake
  slim
